PATH
  remote: .
  specs:
    ohanakapa (0.0.1)
      httparty (~> 0.11.0)

GEM
  remote: https://rubygems.org/
  specs:
    addressable (2.3.4)
    colorize (0.5.8)
    coveralls (0.6.7)
      colorize
      multi_json (~> 1.3)
      rest-client
      simplecov (>= 0.7)
      thor
    crack (0.4.0)
      safe_yaml (~> 0.9.0)
    diff-lcs (1.2.4)
    httparty (0.11.0)
      multi_json (~> 1.0)
      multi_xml (>= 0.5.2)
    mime-types (1.23)
    multi_json (1.7.6)
    multi_xml (0.5.4)
    rake (10.0.4)
    rest-client (1.6.7)
      mime-types (>= 1.16)
    rspec (2.13.0)
      rspec-core (~> 2.13.0)
      rspec-expectations (~> 2.13.0)
      rspec-mocks (~> 2.13.0)
    rspec-core (2.13.1)
    rspec-expectations (2.13.0)
      diff-lcs (>= 1.1.3, < 2.0)
    rspec-mocks (2.13.1)
    safe_yaml (0.9.3)
    simplecov (0.7.1)
      multi_json (~> 1.0)
      simplecov-html (~> 0.7.1)
    simplecov-html (0.7.1)
    thor (0.18.1)
    webmock (1.11.0)
      addressable (>= 2.2.7)
      crack (>= 0.3.2)
    yard (0.8.6.1)

PLATFORMS
  ruby

DEPENDENCIES
  bundler (~> 1.3)
  coveralls
  ohanakapa!
  rake
  rspec (>= 2.11)
  webmock
  yard
